GEM
  remote: https://rubygems.org/
  specs:
    daemons (1.2.6)
    digest-crc (0.4.1)
    eventmachine (1.2.7)
    mustermann (1.0.3)
    rack (2.0.5)
    rack-protection (2.0.4)
      rack
    ruby-kafka (0.7.3)
      digest-crc
    sinatra (2.0.4)
      mustermann (~> 1.0)
      rack (~> 2.0)
      rack-protection (= 2.0.4)
      tilt (~> 2.0)
    thin (1.7.2)
      daemons (~> 1.0, >= 1.0.9)
      eventmachine (~> 1.0, >= 1.0.4)
      rack (>= 1, < 3)
    tilt (2.0.8)

PLATFORMS
  ruby

DEPENDENCIES
  ruby-kafka
  sinatra
  thin

BUNDLED WITH
   1.16.6
